GEM
  remote: http://rubygems.org/
  specs:
    haml (3.1.6)
    json (1.7.5)
    rack (1.4.1)
    rack-flash3 (1.0.1)
      rack
      rack
    rack-protection (1.2.0)
      rack
    sinatra (1.3.2)
      rack (~> 1.3, >= 1.3.6)
      rack-protection (~> 1.2)
      tilt (~> 1.3, >= 1.3.3)
    tilt (1.3.3)

PLATFORMS
  ruby

DEPENDENCIES
  haml (= 3.1.6)
  json (= 1.7.5)
  rack-flash3 (= 1.0.1)
  sinatra (= 1.3.2)
